GEM
  remote: https://rubygems.org/
  specs:
    RedCloth (4.2.9)
    addressable (2.3.8)
    blankslate (2.1.2.4)
    classifier-reborn (2.2.0)
      fast-stemmer (~> 1.0)
    coffee-script (2.4.1)
      coffee-script-source
      execjs
    coffee-script-source (1.12.2)
    colorator (0.1)
    execjs (2.7.0)
    faraday (1.0.1)
      multipart-post (>= 1.2, < 3)
    fast-stemmer (1.0.2)
    fastimage (1.9.0)
      addressable (~> 2.3.5)
    ffi (1.12.2)
    hike (1.2.3)
    jekyll (2.5.3)
      classifier-reborn (~> 2.0)
      colorator (~> 0.1)
      jekyll-coffeescript (~> 1.0)
      jekyll-gist (~> 1.0)
      jekyll-paginate (~> 1.0)
      jekyll-sass-converter (~> 1.0)
      jekyll-watch (~> 1.1)
      kramdown (~> 1.3)
      liquid (~> 2.6.1)
      mercenary (~> 0.3.3)
      pygments.rb (~> 0.6.0)
      redcarpet (~> 3.1)
      safe_yaml (~> 1.0)
      toml (~> 0.1.0)
    jekyll-assets (0.14.0)
      fastimage (~> 1.6)
      jekyll (~> 2.0)
      mini_magick (~> 4.1)
      sass (~> 3.2)
      sprockets (~> 2.10)
      sprockets-helpers
      sprockets-sass
    jekyll-coffeescript (1.2.2)
      coffee-script (~> 2.2)
      coffee-script-source (~> 1.12)
    jekyll-gist (1.5.0)
      octokit (~> 4.2)
    jekyll-paginate (1.1.0)
    jekyll-sass-converter (1.5.2)
      sass (~> 3.4)
    jekyll-watch (1.5.1)
      listen (~> 3.0)
    jekyll_ext (0.1.4)
    kramdown (1.17.0)
    liquid (2.6.3)
    listen (3.2.1)
      rb-fsevent (~> 0.10, >= 0.10.3)
      rb-inotify (~> 0.9, >= 0.9.10)
    mercenary (0.3.6)
    mini_magick (4.10.1)
    multi_json (1.14.1)
    multipart-post (2.1.1)
    nio4r (2.5.2)
    octokit (4.18.0)
      faraday (>= 0.9)
      sawyer (~> 0.8.0, >= 0.5.3)
    parslet (1.5.0)
      blankslate (~> 2.0)
    posix-spawn (0.3.13)
    puma (4.3.3)
      nio4r (~> 2.0)
    pygments.rb (0.6.3)
      posix-spawn (~> 0.3.6)
      yajl-ruby (~> 1.2.0)
    rack (1.6.13)
    rack-contrib (1.8.0)
      rack (~> 1.4)
    rake (10.1.1)
    rb-fsevent (0.10.3)
    rb-inotify (0.10.1)
      ffi (~> 1.0)
    redcarpet (3.5.0)
    safe_yaml (1.0.5)
    sass (3.7.4)
      sass-listen (~> 4.0.0)
    sass-listen (4.0.0)
      rb-fsevent (~> 0.9, >= 0.9.4)
      rb-inotify (~> 0.9, >= 0.9.7)
    sawyer (0.8.2)
      addressable (>= 2.3.5)
      faraday (> 0.8, < 2.0)
    sprockets (2.12.5)
      hike (~> 1.2)
      multi_json (~> 1.0)
      rack (~> 1.0)
      tilt (~> 1.1, != 1.3.0)
    sprockets-helpers (1.2.3)
      sprockets (>= 2.2)
    sprockets-sass (1.3.1)
      sprockets (~> 2.0)
      tilt (~> 1.1)
    tilt (1.4.1)
    toml (0.1.2)
      parslet (~> 1.5.0)
    yajl-ruby (1.2.3)

PLATFORMS
  ruby

DEPENDENCIES
  RedCloth (~> 4.2.9)
  jekyll (~> 2.5)
  jekyll-assets (~> 0.14)
  jekyll_ext (~> 0.1)
  puma (~> 4.3)
  rack-contrib (~> 1.2)
  rake (~> 10.1.0)

RUBY VERSION
   ruby 2.6.5p114

BUNDLED WITH
   2.1.4
